PATH
  remote: .
  specs:
    panops-ui-cli (0.0.1alpha1)
      panops-core (~> 0.0.1alpha1)

GEM
  remote: http://rubygems.org/
  specs:
    diff-lcs (1.1.3)
    metaclass (0.0.1)
    mocha (0.10.0)
      metaclass (~> 0.0.1)
    panops-core (0.0.1alpha1)
    rake (0.9.2.2)
    rdiscount (1.6.8)
    rspec (2.7.0)
      rspec-core (~> 2.7.0)
      rspec-expectations (~> 2.7.0)
      rspec-mocks (~> 2.7.0)
    rspec-core (2.7.1)
    rspec-expectations (2.7.0)
      diff-lcs (~> 1.1.2)
    rspec-mocks (2.7.0)
    yard (0.7.3)

PLATFORMS
  ruby

DEPENDENCIES
  mocha (~> 0.10.0)
  panops-ui-cli!
  rake (~> 0.9.2)
  rdiscount (~> 1.6.8)
  rspec (~> 2.7.0)
  yard (~> 0.7)
